PATH
  remote: .
  specs:
    alacart (0.0.1)

GEM
  remote: https://rubygems.org/
  specs:
    coderay (1.1.2)
    method_source (0.9.0)
    pry (0.11.3)
      coderay (~> 1.1.0)
      method_source (~> 0.9.0)

PLATFORMS
  ruby

DEPENDENCIES
  alacart!
  pry (~> 0.11)

BUNDLED WITH
   1.13.7
